GEM
  remote: https://rubygems.org/
  specs:
    byebug (9.0.6)
    pg (0.21.0)
    rack (2.0.3)
    rake (12.1.0)

PLATFORMS
  ruby

DEPENDENCIES
  byebug
  pg
  rack
  rake

BUNDLED WITH
   1.14.0.pre.2
